GEM
  remote: https://rubygems.org/
  specs:
    json (1.7.7)
    mail (2.5.4)
      mime-types (~> 1.16)
      treetop (~> 1.4.8)
    mime-types (1.23)
    polyglot (0.3.3)
    rest-client (1.6.7)
      mime-types (>= 1.16)
    treetop (1.4.14)
      polyglot
      polyglot (>= 0.3.1)

PLATFORMS
  ruby
  x86-mingw32

DEPENDENCIES
  json (= 1.7.7)
  mail
  rest-client
